GEM
  remote: https://rubygems.org/
  specs:
    rack (2.0.8)
    rack-cors (0.4.1)
    sqlite3 (1.3.13)

PLATFORMS
  ruby

DEPENDENCIES
  rack
  rack-cors
  sqlite3

BUNDLED WITH
   1.14.6
