GEM
  remote: https://rubygems.org/
  specs:
    rack (2.0.1)
    rack-cors (1.0.5)
      rack (>= 1.6.0)
    sqlite3 (1.3.13)

PLATFORMS
  ruby

DEPENDENCIES
  rack
  rack-cors
  sqlite3

BUNDLED WITH
   1.14.6
